GEM
  remote: https://rubygems.org/
  specs:
    cloud_events (0.6.0)
    functions_framework (1.0.1)
      cloud_events (>= 0.6.0, < 2.a)
      puma (>= 4.3.0, < 6.a)
      rack (~> 2.1)
    nio4r (2.5.8)
    puma (5.5.2)
      nio4r (~> 2.0)
    rack (2.2.3)

PLATFORMS
  x86_64-darwin-19

DEPENDENCIES
  functions_framework

BUNDLED WITH
   2.2.3
